GEM
  remote: http://rubygems.org/
  specs:
    libxml-ruby (2.4.0)

PLATFORMS
  ruby

DEPENDENCIES
  libxml-ruby
